GEM
  remote: https://rubygems.org/
  specs:
    daemons (1.4.1)
    eventmachine (1.2.7)
    file_exists (0.2.0)
    json (2.15.0)
    mustermann (2.0.2)
      ruby2_keywords (~> 0.0.1)
    optimist (3.2.1)
    pifi (0.4.14)
      json (~> 2.2)
      optimist (~> 3.0)
      ruby-mpd (~> 0.3)
      sinatra (~> 2.0)
      thin (~> 1.7)
    rack (2.2.18)
    rack-protection (2.2.4)
      rack
    ruby-mpd (0.3.3)
    ruby2_keywords (0.0.5)
    sinatra (2.2.4)
      mustermann (~> 2.0)
      rack (~> 2.2)
      rack-protection (= 2.2.4)
      tilt (~> 2.0)
    thin (1.8.2)
      daemons (~> 1.0, >= 1.0.9)
      eventmachine (~> 1.0, >= 1.0.4)
      rack (>= 1, < 3)
    tilt (2.6.1)

PLATFORMS
  ruby
  x86_64-linux

DEPENDENCIES
  file_exists
  pifi (= 0.4.14)

BUNDLED WITH
   2.5.22
